PATH
  remote: .
  specs:
    riemann-dash (0.2.7)
      erubis (>= 2.7.0)
      multi_json (= 1.3.6)
      riemann-client (>= 0.0.7)
      sass (>= 3.1.14)
      sinatra (>= 1.3.2)
      thin (>= 1.3.1)

GEM
  remote: https://rubygems.org/
  specs:
    activesupport (4.0.2)
      i18n (~> 0.6, >= 0.6.4)
      minitest (~> 4.2)
      multi_json (~> 1.3)
      thread_safe (~> 0.1)
      tzinfo (~> 0.3.37)
    atomic (1.1.14)
    beefcake (0.5.0)
    coderay (1.0.9)
    daemons (1.1.9)
    erubis (2.7.0)
    eventmachine (1.0.3)
    i18n (0.6.9)
    method_source (0.8.1)
    minitest (4.7.5)
    mtrc (0.0.4)
    multi_json (1.3.6)
    pry (0.9.12)
      coderay (~> 1.0.5)
      method_source (~> 0.8)
      slop (~> 3.4)
    rack (1.5.2)
    rack-protection (1.5.2)
      rack
    riemann-client (0.2.2)
      beefcake (>= 0.3.5)
      mtrc (>= 0.0.4)
      trollop (>= 1.16.2)
    rubycas-client (2.3.9)
      activesupport
    sass (3.2.14)
    sinatra (1.4.4)
      rack (~> 1.4)
      rack-protection (~> 1.4)
      tilt (~> 1.3, >= 1.3.4)
    slop (3.4.3)
    thin (1.6.1)
      daemons (>= 1.0.9)
      eventmachine (>= 1.0.0)
      rack (>= 1.0.0)
    thread_safe (0.1.3)
      atomic
    tilt (1.4.1)
    trollop (2.0)
    tzinfo (0.3.38)

PLATFORMS
  ruby

DEPENDENCIES
  pry
  riemann-dash!
  rubycas-client
